GEM
  remote: http://rubygems.org/
  specs:
    rack (1.3.3)
    shotgun (0.9)
      rack (>= 1.0)
    sinatra (1.2.6)
      rack (~> 1.1)
      tilt (< 2.0, >= 1.2.2)
    tilt (1.3.3)

PLATFORMS
  ruby

DEPENDENCIES
  shotgun
  sinatra
